GEM
  remote: https://rubygems.org/
  specs:
    chronic (0.10.2)
    coderay (1.1.3)
    crass (1.0.6)
    front_matter_parser (0.2.1)
    kramdown (2.3.0)
      rexml
    kramdown-parser-gfm (1.1.0)
      kramdown (~> 2.0)
    liquid (4.0.3)
    method_source (1.0.0)
    mini_portile2 (2.4.0)
    mp3info (0.8.5)
      ruby-mp3info (>= 0.8.5)
    nokogiri (1.10.10)
      mini_portile2 (~> 2.4.0)
    nokogumbo (2.0.4)
      nokogiri (~> 1.8, >= 1.8.4)
    pry (0.13.1)
      coderay (~> 1.1)
      method_source (~> 1.0)
    rexml (3.2.4)
    rmagick (4.1.2)
    ruby-mp3info (0.8.10)
    safe_yaml (1.0.5)
    sanitize (5.2.1)
      crass (~> 1.0.2)
      nokogiri (>= 1.8.0)
      nokogumbo (~> 2.0)

PLATFORMS
  ruby

DEPENDENCIES
  chronic
  front_matter_parser
  kramdown
  kramdown-parser-gfm
  liquid
  mp3info
  nokogiri
  pry
  rmagick
  safe_yaml
  sanitize

BUNDLED WITH
   2.1.4
