GEM
  remote: https://rubygems.org/
  specs:
    cgi (0.3.6)
    chronic (0.10.2)
    coderay (1.1.3)
    concurrent-ruby (1.2.2)
    crass (1.0.6)
    daemons (1.4.1)
    et-orbi (1.2.7)
      tzinfo
    front_matter_parser (1.0.1)
    fugit (1.8.1)
      et-orbi (~> 1, >= 1.2.7)
      raabro (~> 1.4)
    kramdown (2.4.0)
      rexml
    kramdown-parser-gfm (1.1.0)
      kramdown (~> 2.0)
    liquid (5.4.0)
    method_source (1.0.0)
    mp3info (0.8.5)
      ruby-mp3info (>= 0.8.5)
    nokogiri (1.15.1-x86_64-linux)
      racc (~> 1.4)
    pkg-config (1.5.1)
    pry (0.14.2)
      coderay (~> 1.1)
      method_source (~> 1.0)
    raabro (1.4.0)
    racc (1.6.2)
    rexml (3.2.5)
    rmagick (5.2.0)
      pkg-config (~> 1.4)
    ruby-dbus (0.22.1)
      rexml
    ruby-mp3info (0.8.10)
    rufus-scheduler (3.8.2)
      fugit (~> 1.1, >= 1.1.6)
    safe_yaml (1.0.5)
    sanitize (6.0.1)
      crass (~> 1.0.2)
      nokogiri (>= 1.12.0)
    tzinfo (2.0.6)
      concurrent-ruby (~> 1.0)
    xmpp4r (0.5.6)

PLATFORMS
  x86_64-linux

DEPENDENCIES
  cgi
  chronic
  daemons
  front_matter_parser
  kramdown
  kramdown-parser-gfm
  liquid
  mp3info
  nokogiri
  pry
  rmagick
  ruby-dbus
  rufus-scheduler
  safe_yaml
  sanitize
  xmpp4r

BUNDLED WITH
   2.2.5
