GEM
  remote: https://rubygems.org/
  specs:
    chronic (0.10.2)
    coderay (1.1.3)
    crass (1.0.6)
    front_matter_parser (1.0.0)
    kramdown (2.3.1)
      rexml
    kramdown-parser-gfm (1.1.0)
      kramdown (~> 2.0)
    liquid (5.0.1)
    method_source (1.0.0)
    mp3info (0.8.5)
      ruby-mp3info (>= 0.8.5)
    nokogiri (1.11.3-x86_64-darwin)
      racc (~> 1.4)
    nokogumbo (2.0.5)
      nokogiri (~> 1.8, >= 1.8.4)
    pry (0.14.1)
      coderay (~> 1.1)
      method_source (~> 1.0)
    racc (1.5.2)
    rexml (3.2.5)
    rmagick (4.2.2)
    ruby-mp3info (0.8.10)
    safe_yaml (1.0.5)
    sanitize (5.2.3)
      crass (~> 1.0.2)
      nokogiri (>= 1.8.0)
      nokogumbo (~> 2.0)

PLATFORMS
  x86_64-darwin-20

DEPENDENCIES
  chronic
  front_matter_parser
  kramdown
  kramdown-parser-gfm
  liquid
  mp3info
  nokogiri
  pry
  rmagick
  safe_yaml
  sanitize

BUNDLED WITH
   2.2.3
