GEM
  remote: https://rubygems.org/
  specs:
    chronic (0.10.2)
    coderay (1.1.3)
    front_matter_parser (0.2.1)
    kramdown (2.3.0)
      rexml
    kramdown-parser-gfm (1.1.0)
      kramdown (~> 2.0)
    liquid (4.0.3)
    method_source (1.0.0)
    mini_portile2 (2.4.0)
    nokogiri (1.10.10)
      mini_portile2 (~> 2.4.0)
    pry (0.13.1)
      coderay (~> 1.1)
      method_source (~> 1.0)
    rexml (3.2.4)
    rss (0.2.9)
      rexml
    safe_yaml (1.0.5)

PLATFORMS
  ruby

DEPENDENCIES
  chronic
  front_matter_parser
  kramdown
  kramdown-parser-gfm
  liquid
  nokogiri
  pry
  rss
  safe_yaml

BUNDLED WITH
   2.1.2
